GEM
  remote: https://rubygems.org/
  specs:
    backports (3.6.4)
    bcrypt (3.1.9)
    bcrypt (3.1.9-x64-mingw32)
    json (1.8.1)
    minitest (5.5.0)
    multi_json (1.10.1)
    pg (0.17.1)
    pg (0.17.1-x64-mingw32)
    rack (1.6.0)
    rack-protection (1.5.3)
      rack
    rack-test (0.6.2)
      rack (>= 1.0)
    rake (10.4.2)
    sequel (4.17.0)
    sinatra (1.4.5)
      rack (~> 1.4)
      rack-protection (~> 1.4)
      tilt (~> 1.3, >= 1.3.4)
    sinatra-contrib (1.4.2)
      backports (>= 2.0)
      multi_json
      rack-protection
      rack-test
      sinatra (~> 1.4.0)
      tilt (~> 1.3)
    tilt (1.4.1)

PLATFORMS
  ruby
  x64-mingw32

DEPENDENCIES
  bcrypt
  json
  minitest (~> 5.2)
  pg
  rack-test (~> 0.6)
  rake (~> 10.0)
  sequel
  sinatra (~> 1.4)
  sinatra-contrib
